PATH
  remote: .
  specs:
    sequenceserver (2.0.0.rc8)
      json_pure (~> 1.8, >= 1.8.2)
      ox (~> 2.1, >= 2.1.1)
      sinatra (~> 2.0, >= 2.0.0)
      slop (~> 3.6, >= 3.6.0)

GEM
  remote: http://rubygems.org/
  specs:
    addressable (2.7.0)
      public_suffix (>= 2.0.2, < 5.0)
    ast (2.4.0)
    capybara (3.15.1)
      addressable
      mini_mime (>= 0.1.3)
      nokogiri (~> 1.8)
      rack (>= 1.6.0)
      rack-test (>= 0.6.3)
      regexp_parser (~> 1.2)
      xpath (~> 3.2)
    capybara-screenshot (1.0.24)
      capybara (>= 1.0, < 4)
      launchy
    childprocess (3.0.0)
    diff-lcs (1.3)
    docile (1.3.2)
    jaro_winkler (1.5.4)
    json (2.3.0)
    json_pure (1.8.6)
    launchy (2.4.3)
      addressable (~> 2.3)
    mini_mime (1.0.2)
    mini_portile2 (2.4.0)
    mustermann (1.1.1)
      ruby2_keywords (~> 0.0.1)
    nokogiri (1.10.7)
      mini_portile2 (~> 2.4.0)
    ox (2.13.4)
    parallel (1.19.1)
    parser (2.7.0.2)
      ast (~> 2.4.0)
    public_suffix (4.0.3)
    rack (2.1.2)
    rack-protection (2.0.8.1)
      rack
    rack-test (1.1.0)
      rack (>= 1.0, < 3)
    rainbow (3.0.0)
    regexp_parser (1.6.0)
    rspec (3.9.0)
      rspec-core (~> 3.9.0)
      rspec-expectations (~> 3.9.0)
      rspec-mocks (~> 3.9.0)
    rspec-core (3.9.1)
      rspec-support (~> 3.9.1)
    rspec-expectations (3.9.0)
      diff-lcs (>= 1.2.0, < 2.0)
      rspec-support (~> 3.9.0)
    rspec-mocks (3.9.1)
      diff-lcs (>= 1.2.0, < 2.0)
      rspec-support (~> 3.9.0)
    rspec-support (3.9.2)
    rubocop (0.79.0)
      jaro_winkler (~> 1.5.1)
      parallel (~> 1.10)
      parser (>= 2.7.0.1)
      rainbow (>= 2.2.2, < 4.0)
      ruby-progressbar (~> 1.7)
      unicode-display_width (>= 1.4.0, < 1.7)
    ruby-progressbar (1.10.1)
    ruby2_keywords (0.0.2)
    rubyzip (1.3.0)
    selenium-webdriver (3.142.7)
      childprocess (>= 0.5, < 4.0)
      rubyzip (>= 1.2.2)
    simplecov (0.17.1)
      docile (~> 1.1)
      json (>= 1.8, < 3)
      simplecov-html (~> 0.10.0)
    simplecov-html (0.10.2)
    sinatra (2.0.8.1)
      mustermann (~> 1.0)
      rack (~> 2.0)
      rack-protection (= 2.0.8.1)
      tilt (~> 2.0)
    slop (3.6.0)
    tilt (2.0.10)
    unicode-display_width (1.6.1)
    xpath (3.2.0)
      nokogiri (~> 1.8)

PLATFORMS
  ruby

DEPENDENCIES
  capybara (~> 3.15, >= 3.15.1)
  capybara-screenshot (~> 1.0, >= 1.0.23)
  rack-test (~> 1.0, >= 1.0.0)
  rspec (~> 3.7, >= 3.7.0)
  rubocop (~> 0.75, >= 0.75.1)
  selenium-webdriver (~> 3.142, >= 3.142.3)
  sequenceserver!
  simplecov (~> 0.17.0, >= 0.17.0)

BUNDLED WITH
   2.1.4
